GEM
  remote: https://rubygems.org/
  specs:
    mustermann (1.0.3)
    rack (2.0.7)
    rack-protection (2.0.7)
      rack
    rubyzip (1.3.0)
    sinatra (2.0.7)
      mustermann (~> 1.0)
      rack (~> 2.0)
      rack-protection (= 2.0.7)
      tilt (~> 2.0)
    tilt (2.0.10)

PLATFORMS
  ruby

DEPENDENCIES
  rubyzip (~> 1.3.0)
  sinatra

BUNDLED WITH
   2.0.2
